PATH
  remote: .
  specs:
    fluent-plugin-splunk-hec (1.2.1)
      activesupport (~> 5.2)
      fluent-plugin-kubernetes_metadata_filter (~> 2.4.2)
      fluentd (>= 1.4)
      http_parser.rb (= 0.5.3)
      multi_json (~> 1.13)
      net-http-persistent (~> 3.1)
      openid_connect (~> 1.1.8)
      prometheus-client (< 0.10.0)

GEM
  remote: https://rubygems.org/
  specs:
    activemodel (5.2.4.1)
      activesupport (= 5.2.4.1)
    activesupport (5.2.4.1)
      concurrent-ruby (~> 1.0, >= 1.0.2)
      i18n (>= 0.7, < 2)
      minitest (~> 5.1)
      tzinfo (~> 1.1)
    addressable (2.7.0)
      public_suffix (>= 2.0.2, < 5.0)
    aes_key_wrap (1.0.1)
    ast (2.4.0)
    attr_required (1.0.1)
    bindata (2.4.4)
    concurrent-ruby (1.1.6)
    connection_pool (2.2.2)
    cool.io (1.6.0)
    crack (0.4.3)
      safe_yaml (~> 1.0.0)
    docile (1.3.2)
    domain_name (0.5.20190701)
      unf (>= 0.0.5, < 1.0.0)
    ffi (1.12.2)
    ffi-compiler (1.0.1)
      ffi (>= 1.0.0)
      rake
    fluent-plugin-kubernetes_metadata_filter (2.4.2)
      fluentd (>= 0.14.0, < 2)
      kubeclient (< 5)
      lru_redux
    fluentd (1.9.2)
      cool.io (>= 1.4.5, < 2.0.0)
      http_parser.rb (>= 0.5.1, < 0.7.0)
      msgpack (>= 1.3.1, < 2.0.0)
      serverengine (>= 2.0.4, < 3.0.0)
      sigdump (~> 0.2.2)
      strptime (>= 0.2.2, < 1.0.0)
      tzinfo (>= 1.0, < 3.0)
      tzinfo-data (~> 1.0)
      yajl-ruby (~> 1.0)
    hashdiff (1.0.0)
    http (4.3.0)
      addressable (~> 2.3)
      http-cookie (~> 1.0)
      http-form_data (~> 2.2)
      http-parser (~> 1.2.0)
    http-accept (1.7.0)
    http-cookie (1.0.3)
      domain_name (~> 0.5)
    http-form_data (2.2.0)
    http-parser (1.2.1)
      ffi-compiler (>= 1.0, < 2.0)
    http_parser.rb (0.5.3)
    httpclient (2.8.3)
    i18n (1.8.2)
      concurrent-ruby (~> 1.0)
    jaro_winkler (1.5.4)
    json (2.3.0)
    json-jwt (1.11.0)
      activesupport (>= 4.2)
      aes_key_wrap
      bindata
    kubeclient (4.6.0)
      http (>= 3.0, < 5.0)
      recursive-open-struct (~> 1.0, >= 1.0.4)
      rest-client (~> 2.0)
    lru_redux (1.1.0)
    mail (2.7.1)
      mini_mime (>= 0.1.1)
    mime-types (3.3.1)
      mime-types-data (~> 3.2015)
    mime-types-data (3.2019.1009)
    mini_mime (1.0.2)
    minitest (5.14.0)
    msgpack (1.3.3)
    multi_json (1.14.1)
    net-http-persistent (3.1.0)
      connection_pool (~> 2.2)
    netrc (0.11.0)
    openid_connect (1.1.8)
      activemodel
      attr_required (>= 1.0.0)
      json-jwt (>= 1.5.0)
      rack-oauth2 (>= 1.6.1)
      swd (>= 1.0.0)
      tzinfo
      validate_email
      validate_url
      webfinger (>= 1.0.1)
    parallel (1.19.1)
    parser (2.7.0.2)
      ast (~> 2.4.0)
    power_assert (1.1.5)
    powerpack (0.1.2)
    prometheus-client (0.9.0)
      quantile (~> 0.2.1)
    public_suffix (4.0.3)
    quantile (0.2.1)
    rack (2.2.2)
    rack-oauth2 (1.10.1)
      activesupport
      attr_required
      httpclient
      json-jwt (>= 1.11.0)
      rack
    rainbow (3.0.0)
    rake (12.3.3)
    recursive-open-struct (1.1.0)
    rest-client (2.1.0)
      http-accept (>= 1.7.0, < 2.0)
      http-cookie (>= 1.0.2, < 2.0)
      mime-types (>= 1.16, < 4.0)
      netrc (~> 0.8)
    rubocop (0.63.1)
      jaro_winkler (~> 1.5.1)
      parallel (~> 1.10)
      parser (>= 2.5, != 2.5.1.1)
      powerpack (~> 0.1)
      rainbow (>= 2.2.2, < 4.0)
      ruby-progressbar (~> 1.7)
      unicode-display_width (~> 1.4.0)
    ruby-progressbar (1.10.1)
    safe_yaml (1.0.5)
    serverengine (2.2.1)
      sigdump (~> 0.2.2)
    sigdump (0.2.4)
    simplecov (0.16.1)
      docile (~> 1.1)
      json (>= 1.8, < 3)
      simplecov-html (~> 0.10.0)
    simplecov-html (0.10.2)
    strptime (0.2.3)
    swd (1.1.2)
      activesupport (>= 3)
      attr_required (>= 0.0.5)
      httpclient (>= 2.4)
    test-unit (3.3.5)
      power_assert
    thread_safe (0.3.6)
    tzinfo (1.2.6)
      thread_safe (~> 0.1)
    tzinfo-data (1.2019.3)
      tzinfo (>= 1.0.0)
    unf (0.1.4)
      unf_ext
    unf_ext (0.0.7.6)
    unicode-display_width (1.4.1)
    validate_email (0.1.6)
      activemodel (>= 3.0)
      mail (>= 2.2.5)
    validate_url (1.0.8)
      activemodel (>= 3.0.0)
      public_suffix
    webfinger (1.1.0)
      activesupport
      httpclient (>= 2.4)
    webmock (3.5.1)
      addressable (>= 2.3.6)
      crack (>= 0.3.2)
      hashdiff
    yajl-ruby (1.4.1)

PLATFORMS
  ruby

DEPENDENCIES
  bundler (~> 2.0)
  fluent-plugin-splunk-hec!
  minitest (~> 5.0)
  rake (~> 12.0)
  rubocop (~> 0.63.1)
  simplecov
  test-unit (~> 3.0)
  webmock (~> 3.5.0)

BUNDLED WITH
   2.1.4
